GEM
  remote: https://rubygems.org/
  specs:
    json (2.5.1)
    mustermann (1.0.0)
    openssl (2.0.4)
    rack (2.2.3)
    rack-protection (2.0.0)
      rack
    sinatra (2.0.0)
      mustermann (~> 1.0)
      rack (~> 2.0)
      rack-protection (= 2.0.0)
      tilt (~> 2.0)
    tilt (2.0.7)

PLATFORMS
  ruby

DEPENDENCIES
  json
  openssl
  sinatra

RUBY VERSION
   ruby 2.3.0p0

BUNDLED WITH
   1.15.3
