GEM
  remote: https://rubygems.org/
  specs:
    json (2.5.1)
    mustermann (1.1.1)
      ruby2_keywords (~> 0.0.1)
    openssl (2.0.4)
    rack (2.2.3)
    rack-protection (2.0.2)
      rack
    ruby2_keywords (0.0.4)
    sinatra (2.0.2)
      mustermann (~> 1.0)
      rack (~> 2.0)
      rack-protection (= 2.0.2)
      tilt (~> 2.0)
    tilt (2.0.10)

PLATFORMS
  ruby

DEPENDENCIES
  json
  openssl
  sinatra

RUBY VERSION
   ruby 2.3.0p0

BUNDLED WITH
   1.15.3
